PATH
  remote: /Users/lisahamm/Desktop/Projects/apprenticeship/tic_tac_toe/ruby_ttt
  specs:
    tic_tac_toe (0.0.1)

GEM
  remote: https://rubygems.org/
  specs:
    database_cleaner (1.4.1)
    diff-lcs (1.2.5)
    pg (0.18.1)
    rack (1.6.0)
    rack-flash3 (1.0.5)
      rack
    rack-protection (1.5.3)
      rack
    rack-test (0.6.3)
      rack (>= 1.0)
    rspec (3.2.0)
      rspec-core (~> 3.2.0)
      rspec-expectations (~> 3.2.0)
      rspec-mocks (~> 3.2.0)
    rspec-core (3.2.1)
      rspec-support (~> 3.2.0)
    rspec-expectations (3.2.0)
      diff-lcs (>= 1.2.0, < 2.0)
      rspec-support (~> 3.2.0)
    rspec-mocks (3.2.1)
      diff-lcs (>= 1.2.0, < 2.0)
      rspec-support (~> 3.2.0)
    rspec-support (3.2.2)
    sequel (4.20.0)
    sinatra (1.4.5)
      rack (~> 1.4)
      rack-protection (~> 1.4)
      tilt (~> 1.3, >= 1.3.4)
    tilt (1.4.1)

PLATFORMS
  ruby

DEPENDENCIES
  database_cleaner
  pg
  rack-flash3
  rack-test
  rspec
  sequel
  sinatra
  tic_tac_toe!
